GEM
  remote: http://rubygems.org/
  specs:
    dotenv (0.11.1)
      dotenv-deployment (~> 0.0.2)
    dotenv-deployment (0.0.2)
    gems (0.8.3)
    minitest (5.4.2)

PLATFORMS
  ruby

DEPENDENCIES
  dotenv
  gems
  minitest
